GEM
  remote: https://rubygems.org/
  specs:
    addressable (2.7.0)
      public_suffix (>= 2.0.2, < 5.0)
    byebug (11.1.3)
    cookiejar (0.3.3)
    em-http-request (1.1.7)
      addressable (>= 2.3.4)
      cookiejar (!= 0.3.1)
      em-socksify (>= 0.3)
      eventmachine (>= 1.0.3)
      http_parser.rb (>= 0.6.0)
    em-socksify (0.3.2)
      eventmachine (>= 1.0.0.beta.4)
    eventmachine (1.2.7)
    http_parser.rb (0.6.0)
    mini_portile2 (2.4.0)
    nokogiri (1.10.10-x64-mingw32)
      mini_portile2 (~> 2.4.0)
    open-uri (0.1.0)
    public_suffix (4.0.6)
    sqlite3 (1.4.2)
    time (0.1.0)

PLATFORMS
  x64-mingw32

DEPENDENCIES
  byebug
  em-http-request
  eventmachine
  nokogiri
  open-uri
  sqlite3
  time

BUNDLED WITH
   1.17.2
